GIT
  remote: git://github.com/mitchellh/vagrant.git
  revision: c29e4d63345645138da16f301c791bb21f54d890
  specs:
    vagrant (1.2.2.dev)
      childprocess (~> 0.3.7)
      erubis (~> 2.7.0)
      i18n (~> 0.6.0)
      json (>= 1.5.1, < 1.8.0)
      log4r (~> 1.1.9)
      net-scp (~> 1.1.0)
      net-ssh (~> 2.6.6)

PATH
  remote: .
  specs:
    vagrant-vsphere (0.0.1)
      i18n (~> 0.6.4)
      rbvmomi

GEM
  remote: http://rubygems.org/
  specs:
    builder (3.2.0)
    childprocess (0.3.9)
      ffi (~> 1.0, >= 1.0.11)
    diff-lcs (1.2.3)
    erubis (2.7.0)
    ffi (1.7.0)
    ffi (1.7.0-x86-mingw32)
    i18n (0.6.4)
    json (1.7.7)
    log4r (1.1.10)
    net-scp (1.1.0)
      net-ssh (>= 2.6.5)
    net-ssh (2.6.7)
    nokogiri (1.5.9)
    rake (10.0.4)
    rbvmomi (1.6.0)
      builder
      nokogiri (>= 1.4.1)
      trollop
    rspec (2.13.0)
      rspec-core (~> 2.13.0)
      rspec-expectations (~> 2.13.0)
      rspec-mocks (~> 2.13.0)
    rspec-core (2.13.1)
    rspec-expectations (2.13.0)
      diff-lcs (>= 1.1.3, < 2.0)
    rspec-mocks (2.13.1)
    rspec-spies (2.1.4)
      rspec (~> 2.0)
    trollop (2.0)

PLATFORMS
  ruby
  x86-mingw32

DEPENDENCIES
  rake
  rspec-core
  rspec-expectations
  rspec-mocks
  rspec-spies
  vagrant!
  vagrant-vsphere!
